GEM
  remote: https://rubygems.org/
  specs:
    coderay (1.1.3)
    garrison-api (2.0.0)
      httparty (>= 0.16.2, < 0.18.0)
    httparty (0.17.0)
      mime-types (~> 3.0)
      multi_xml (>= 0.5.2)
    method_source (1.0.0)
    mime-types (3.2.2)
      mime-types-data (~> 3.2015)
    mime-types-data (3.2019.0331)
    multi_xml (0.6.0)
    pry (0.14.1)
      coderay (~> 1.1)
      method_source (~> 1.0)

PLATFORMS
  ruby

DEPENDENCIES
  garrison-api (~> 2)
  pry

BUNDLED WITH
   2.0.2
